PATH
  remote: .
  specs:
    erb-indent (0.1.0)

GEM
  remote: https://rubygems.org/
  specs:
    coderay (1.1.2)
    method_source (0.9.2)
    pry (0.12.2)
      coderay (~> 1.1.0)
      method_source (~> 0.9.0)
    rake (10.5.0)

PLATFORMS
  ruby

DEPENDENCIES
  bundler (~> 1.17)
  erb-indent!
  pry
  rake (~> 10.0)

BUNDLED WITH
   1.17.1
